STORAGE: NONE
RESTRICTION: || (== netcoreapp3.1) (== netstandard2.0) (== netstandard2.1)
NUGET
  remote: https://api.nuget.org/v3/index.json
    FSharp.Core (5.0.1)
    Giraffe (4.1)
      FSharp.Core (>= 4.7)
      Microsoft.AspNetCore.Authentication (>= 2.2) - restriction: || (&& (== netcoreapp3.1) (>= net461)) (&& (== netcoreapp3.1) (< netcoreapp3.0)) (== netstandard2.0) (== netstandard2.1)
      Microsoft.AspNetCore.Authorization (>= 2.2) - restriction: || (&& (== netcoreapp3.1) (>= net461)) (&& (== netcoreapp3.1) (< netcoreapp3.0)) (== netstandard2.0) (== netstandard2.1)
      Microsoft.AspNetCore.Diagnostics (>= 2.2) - restriction: || (&& (== netcoreapp3.1) (>= net461)) (&& (== netcoreapp3.1) (< netcoreapp3.0)) (== netstandard2.0) (== netstandard2.1)
      Microsoft.AspNetCore.Hosting.Abstractions (>= 2.2) - restriction: || (&& (== netcoreapp3.1) (>= net461)) (&& (== netcoreapp3.1) (< netcoreapp3.0)) (== netstandard2.0) (== netstandard2.1)
      Microsoft.AspNetCore.ResponseCaching (>= 2.2) - restriction: || (&& (== netcoreapp3.1) (>= net461)) (&& (== netcoreapp3.1) (< netcoreapp3.0)) (== netstandard2.0) (== netstandard2.1)
      Microsoft.IO.RecyclableMemoryStream (>= 1.2.2)
      Newtonsoft.Json (>= 12.0.2)
      TaskBuilder.fs (>= 2.1)
      Utf8Json (>= 1.3.7)
    Microsoft.AspNet.WebApi.Client (5.2.7) - restriction: || (== netcoreapp3.1) (&& (== netstandard2.0) (>= netcoreapp3.1)) (&& (== netstandard2.1) (>= netcoreapp3.1))
      Newtonsoft.Json (>= 10.0.1)
      Newtonsoft.Json.Bson (>= 1.0.1)
    Microsoft.AspNetCore.Authentication (2.2) - restriction: || (&& (== netcoreapp3.1) (>= net461)) (&& (== netcoreapp3.1) (< netcoreapp3.0)) (== netstandard2.0) (== netstandard2.1)
      Microsoft.AspNetCore.Authentication.Core (>= 2.2)
      Microsoft.AspNetCore.DataProtection (>= 2.2)
      Microsoft.AspNetCore.Http (>= 2.2)
      Microsoft.AspNetCore.Http.Extensions (>= 2.2)
      Microsoft.Extensions.Logging.Abstractions (>= 2.2)
      Microsoft.Extensions.Options (>= 2.2)
      Microsoft.Extensions.WebEncoders (>= 2.2)
    Microsoft.AspNetCore.Authentication.Abstractions (2.2)
      Microsoft.AspNetCore.Http.Abstractions (>= 2.2)
      Microsoft.Extensions.Logging.Abstractions (>= 2.2)
      Microsoft.Extensions.Options (>= 2.2)
    Microsoft.AspNetCore.Authentication.Core (2.2)
      Microsoft.AspNetCore.Authentication.Abstractions (>= 2.2)
      Microsoft.AspNetCore.Http (>= 2.2)
      Microsoft.AspNetCore.Http.Extensions (>= 2.2)
    Microsoft.AspNetCore.Authorization (5.0.7)
      Microsoft.AspNetCore.Metadata (>= 5.0.7)
      Microsoft.Extensions.Logging.Abstractions (>= 5.0)
      Microsoft.Extensions.Options (>= 5.0)
    Microsoft.AspNetCore.Authorization.Policy (2.2) - restriction: || (== netcoreapp3.1) (&& (== netstandard2.0) (>= netcoreapp3.1)) (&& (== netstandard2.1) (>= netcoreapp3.1))
      Microsoft.AspNetCore.Authentication.Abstractions (>= 2.2)
      Microsoft.AspNetCore.Authorization (>= 2.2)
    Microsoft.AspNetCore.Cryptography.Internal (5.0.7) - restriction: || (&& (== netcoreapp3.1) (>= net461)) (&& (== netcoreapp3.1) (< netcoreapp3.0)) (== netstandard2.0) (== netstandard2.1)
    Microsoft.AspNetCore.DataProtection (5.0.7) - restriction: || (&& (== netcoreapp3.1) (>= net461)) (&& (== netcoreapp3.1) (< netcoreapp3.0)) (== netstandard2.0) (== netstandard2.1)
      Microsoft.AspNetCore.Cryptography.Internal (>= 5.0.7)
      Microsoft.AspNetCore.DataProtection.Abstractions (>= 5.0.7)
      Microsoft.Extensions.DependencyInjection.Abstractions (>= 5.0)
      Microsoft.Extensions.Hosting.Abstractions (>= 5.0)
      Microsoft.Extensions.Logging.Abstractions (>= 5.0)
      Microsoft.Extensions.Options (>= 5.0)
      Microsoft.Win32.Registry (>= 5.0)
      System.Security.Cryptography.Xml (>= 5.0)
      System.Security.Principal.Windows (>= 5.0)
    Microsoft.AspNetCore.DataProtection.Abstractions (5.0.7) - restriction: || (&& (== netcoreapp3.1) (>= net461)) (&& (== netcoreapp3.1) (< netcoreapp3.0)) (== netstandard2.0) (== netstandard2.1)
    Microsoft.AspNetCore.Diagnostics (2.2) - restriction: || (&& (== netcoreapp3.1) (>= net461)) (&& (== netcoreapp3.1) (< netcoreapp3.0)) (== netstandard2.0) (== netstandard2.1)
      Microsoft.AspNetCore.Diagnostics.Abstractions (>= 2.2)
      Microsoft.AspNetCore.Hosting.Abstractions (>= 2.2)
      Microsoft.AspNetCore.Http.Extensions (>= 2.2)
      Microsoft.AspNetCore.WebUtilities (>= 2.2)
      Microsoft.Extensions.FileProviders.Physical (>= 2.2)
      Microsoft.Extensions.Logging.Abstractions (>= 2.2)
      Microsoft.Extensions.Options (>= 2.2)
      System.Diagnostics.DiagnosticSource (>= 4.5)
      System.Reflection.Metadata (>= 1.6)
    Microsoft.AspNetCore.Diagnostics.Abstractions (2.2) - restriction: || (&& (== netcoreapp3.1) (>= net461)) (&& (== netcoreapp3.1) (< netcoreapp3.0)) (== netstandard2.0) (== netstandard2.1)
    Microsoft.AspNetCore.Hosting.Abstractions (2.2)
      Microsoft.AspNetCore.Hosting.Server.Abstractions (>= 2.2)
      Microsoft.AspNetCore.Http.Abstractions (>= 2.2)
      Microsoft.Extensions.Hosting.Abstractions (>= 2.2)
    Microsoft.AspNetCore.Hosting.Server.Abstractions (2.2) - restriction: || (&& (== netcoreapp3.1) (>= net461)) (&& (== netcoreapp3.1) (< netcoreapp3.0)) (== netstandard2.0) (== netstandard2.1)
      Microsoft.AspNetCore.Http.Features (>= 2.2)
      Microsoft.Extensions.Configuration.Abstractions (>= 2.2)
    Microsoft.AspNetCore.Http (2.2.2)
      Microsoft.AspNetCore.Http.Abstractions (>= 2.2)
      Microsoft.AspNetCore.WebUtilities (>= 2.2)
      Microsoft.Extensions.ObjectPool (>= 2.2)
      Microsoft.Extensions.Options (>= 2.2)
      Microsoft.Net.Http.Headers (>= 2.2)
    Microsoft.AspNetCore.Http.Abstractions (2.2)
      Microsoft.AspNetCore.Http.Features (>= 2.2)
      System.Text.Encodings.Web (>= 4.5)
    Microsoft.AspNetCore.Http.Extensions (2.2)
      Microsoft.AspNetCore.Http.Abstractions (>= 2.2)
      Microsoft.Extensions.FileProviders.Abstractions (>= 2.2)
      Microsoft.Net.Http.Headers (>= 2.2)
      System.Buffers (>= 4.5)
    Microsoft.AspNetCore.Http.Features (5.0.7) - restriction: || (&& (== netcoreapp3.1) (>= net461)) (&& (== netcoreapp3.1) (< netcoreapp3.0)) (== netstandard2.0) (== netstandard2.1)
      Microsoft.Extensions.Primitives (>= 5.0.1)
      System.IO.Pipelines (>= 5.0.1)
    Microsoft.AspNetCore.JsonPatch (5.0.7) - restriction: || (== netcoreapp3.1) (&& (== netstandard2.0) (>= netcoreapp3.1)) (&& (== netstandard2.1) (>= netcoreapp3.1))
      Microsoft.CSharp (>= 4.7)
      Newtonsoft.Json (>= 12.0.2)
    Microsoft.AspNetCore.Metadata (5.0.7) - restriction: || (&& (== netcoreapp3.1) (>= net461)) (&& (== netcoreapp3.1) (< netcoreapp3.0)) (== netstandard2.0) (== netstandard2.1)
    Microsoft.AspNetCore.Mvc.Abstractions (2.2) - restriction: || (== netcoreapp3.1) (&& (== netstandard2.0) (>= netcoreapp3.1)) (&& (== netstandard2.1) (>= netcoreapp3.1))
      Microsoft.AspNetCore.Routing.Abstractions (>= 2.2)
      Microsoft.Net.Http.Headers (>= 2.2)
    Microsoft.AspNetCore.Mvc.Core (2.2.5) - restriction: || (== netcoreapp3.1) (&& (== netstandard2.0) (>= netcoreapp3.1)) (&& (== netstandard2.1) (>= netcoreapp3.1))
      Microsoft.AspNetCore.Authentication.Core (>= 2.2)
      Microsoft.AspNetCore.Authorization.Policy (>= 2.2)
      Microsoft.AspNetCore.Hosting.Abstractions (>= 2.2)
      Microsoft.AspNetCore.Http (>= 2.2)
      Microsoft.AspNetCore.Http.Extensions (>= 2.2)
      Microsoft.AspNetCore.Mvc.Abstractions (>= 2.2)
      Microsoft.AspNetCore.ResponseCaching.Abstractions (>= 2.2)
      Microsoft.AspNetCore.Routing (>= 2.2)
      Microsoft.AspNetCore.Routing.Abstractions (>= 2.2)
      Microsoft.Extensions.DependencyInjection (>= 2.2)
      Microsoft.Extensions.DependencyModel (>= 2.1)
      Microsoft.Extensions.FileProviders.Abstractions (>= 2.2)
      Microsoft.Extensions.Logging.Abstractions (>= 2.2)
      System.Diagnostics.DiagnosticSource (>= 4.5)
      System.Threading.Tasks.Extensions (>= 4.5.1)
    Microsoft.AspNetCore.Mvc.Formatters.Json (2.2) - restriction: || (== netcoreapp3.1) (&& (== netstandard2.0) (>= netcoreapp3.1)) (&& (== netstandard2.1) (>= netcoreapp3.1))
      Microsoft.AspNetCore.JsonPatch (>= 2.2)
      Microsoft.AspNetCore.Mvc.Core (>= 2.2)
    Microsoft.AspNetCore.Mvc.WebApiCompatShim (2.2) - restriction: || (== netcoreapp3.1) (&& (== netstandard2.0) (>= netcoreapp3.1)) (&& (== netstandard2.1) (>= netcoreapp3.1))
      Microsoft.AspNet.WebApi.Client (>= 5.2.6)
      Microsoft.AspNetCore.Mvc.Core (>= 2.2)
      Microsoft.AspNetCore.Mvc.Formatters.Json (>= 2.2)
      Microsoft.AspNetCore.WebUtilities (>= 2.2)
    Microsoft.AspNetCore.ResponseCaching (2.2) - restriction: || (&& (== netcoreapp3.1) (>= net461)) (&& (== netcoreapp3.1) (< netcoreapp3.0)) (== netstandard2.0) (== netstandard2.1)
      Microsoft.AspNetCore.Http (>= 2.2)
      Microsoft.AspNetCore.Http.Extensions (>= 2.2)
      Microsoft.AspNetCore.ResponseCaching.Abstractions (>= 2.2)
      Microsoft.Extensions.Caching.Memory (>= 2.2)
      Microsoft.Extensions.Logging.Abstractions (>= 2.2)
    Microsoft.AspNetCore.ResponseCaching.Abstractions (2.2)
      Microsoft.Extensions.Primitives (>= 2.2)
    Microsoft.AspNetCore.Routing (2.2.2) - restriction: || (== netcoreapp3.1) (&& (== netstandard2.0) (>= netcoreapp3.1)) (&& (== netstandard2.1) (>= netcoreapp3.1))
      Microsoft.AspNetCore.Http.Extensions (>= 2.2)
      Microsoft.AspNetCore.Routing.Abstractions (>= 2.2)
      Microsoft.Extensions.Logging.Abstractions (>= 2.2)
      Microsoft.Extensions.ObjectPool (>= 2.2)
      Microsoft.Extensions.Options (>= 2.2)
    Microsoft.AspNetCore.Routing.Abstractions (2.2) - restriction: || (== netcoreapp3.1) (&& (== netstandard2.0) (>= netcoreapp3.1)) (&& (== netstandard2.1) (>= netcoreapp3.1))
      Microsoft.AspNetCore.Http.Abstractions (>= 2.2)
    Microsoft.AspNetCore.WebUtilities (2.2)
      Microsoft.Net.Http.Headers (>= 2.2)
      System.Text.Encodings.Web (>= 4.5)
    Microsoft.Azure.Functions.Analyzers (1.0) - restriction: || (== netcoreapp3.1) (&& (== netstandard2.0) (>= netcoreapp3.1)) (&& (== netstandard2.1) (>= netcoreapp3.1))
    Microsoft.Azure.KeyVault.Core (3.0.5) - restriction: || (== netcoreapp3.1) (&& (== netstandard2.0) (>= netcoreapp3.1)) (&& (== netstandard2.1) (>= netcoreapp3.1))
      Microsoft.Rest.ClientRuntime (>= 2.3.20 < 3.0)
      Microsoft.Rest.ClientRuntime.Azure (>= 3.3.18 < 4.0)
      Newtonsoft.Json (>= 10.0.3)
      System.Net.Http (>= 4.3.4)
    Microsoft.Azure.Storage.Blob (11.2.3) - restriction: || (== netcoreapp3.1) (&& (== netstandard2.0) (>= netcoreapp3.1)) (&& (== netstandard2.1) (>= netcoreapp3.1))
      Microsoft.Azure.Storage.Common (>= 11.2.3)
      NETStandard.Library (>= 2.0.1)
    Microsoft.Azure.Storage.Common (11.2.3) - restriction: || (== netcoreapp3.1) (&& (== netstandard2.0) (>= netcoreapp3.1)) (&& (== netstandard2.1) (>= netcoreapp3.1))
      Microsoft.Azure.KeyVault.Core (>= 2.0.4)
      NETStandard.Library (>= 2.0.1)
      Newtonsoft.Json (>= 10.0.2)
    Microsoft.Azure.WebJobs (3.0.27) - restriction: || (== netcoreapp3.1) (&& (== netstandard2.0) (>= netcoreapp3.1)) (&& (== netstandard2.1) (>= netcoreapp3.1))
      Microsoft.Azure.WebJobs.Core (>= 3.0.27)
      Microsoft.Extensions.Configuration (>= 2.1.1)
      Microsoft.Extensions.Configuration.Abstractions (>= 2.1.1)
      Microsoft.Extensions.Configuration.EnvironmentVariables (>= 2.1)
      Microsoft.Extensions.Configuration.Json (>= 2.1)
      Microsoft.Extensions.Hosting (>= 2.1)
      Microsoft.Extensions.Logging (>= 2.1.1)
      Microsoft.Extensions.Logging.Abstractions (>= 2.1.1)
      Microsoft.Extensions.Logging.Configuration (>= 2.1)
      Newtonsoft.Json (>= 11.0.2)
      System.Memory.Data (>= 1.0.1)
      System.Threading.Tasks.Dataflow (>= 4.8)
    Microsoft.Azure.WebJobs.Core (3.0.27) - restriction: || (== netcoreapp3.1) (&& (== netstandard2.0) (>= netcoreapp3.1)) (&& (== netstandard2.1) (>= netcoreapp3.1))
      System.ComponentModel.Annotations (>= 4.4)
      System.Diagnostics.TraceSource (>= 4.3)
    Microsoft.Azure.WebJobs.Extensions (4.0.1) - restriction: || (== netcoreapp3.1) (&& (== netstandard2.0) (>= netcoreapp3.1)) (&& (== netstandard2.1) (>= netcoreapp3.1))
      Microsoft.Azure.WebJobs (>= 3.0.18)
      Microsoft.Azure.WebJobs.Host.Storage (>= 4.0.1)
      NCrontab.Signed (>= 3.3)
    Microsoft.Azure.WebJobs.Extensions.Http (3.0.12) - restriction: || (== netcoreapp3.1) (&& (== netstandard2.0) (>= netcoreapp3.1)) (&& (== netstandard2.1) (>= netcoreapp3.1))
      Microsoft.AspNet.WebApi.Client (>= 5.2.4)
      Microsoft.AspNetCore.Http (>= 2.1)
      Microsoft.AspNetCore.Mvc.Formatters.Json (>= 2.1)
      Microsoft.AspNetCore.Mvc.WebApiCompatShim (>= 2.1)
      Microsoft.AspNetCore.Routing (>= 2.1)
      Microsoft.Azure.WebJobs (>= 3.0.25)
    Microsoft.Azure.WebJobs.Host.Storage (4.0.1) - restriction: || (== netcoreapp3.1) (&& (== netstandard2.0) (>= netcoreapp3.1)) (&& (== netstandard2.1) (>= netcoreapp3.1))
      Microsoft.Azure.Storage.Blob (>= 11.1.7)
      Microsoft.Azure.WebJobs (>= 3.0.18)
    Microsoft.Azure.WebJobs.Script.ExtensionsMetadataGenerator (1.2.2) - restriction: || (== netcoreapp3.1) (&& (== netstandard2.0) (>= netcoreapp3.1)) (&& (== netstandard2.1) (>= netcoreapp3.1))
      System.Runtime.Loader (>= 4.3)
    Microsoft.Bcl.AsyncInterfaces (5.0) - restriction: || (&& (== netcoreapp3.1) (>= net461)) (&& (== netcoreapp3.1) (< netstandard2.1)) (== netstandard2.0) (&& (== netstandard2.1) (>= net461))
      System.Threading.Tasks.Extensions (>= 4.5.4) - restriction: || (&& (== netcoreapp3.1) (>= net461)) (&& (== netcoreapp3.1) (< netcoreapp2.1) (< netstandard2.1)) (== netstandard2.0) (&& (== netstandard2.1) (>= net461))
    Microsoft.CSharp (4.7) - restriction: || (== netcoreapp3.1) (&& (== netstandard2.0) (>= netcoreapp3.1)) (&& (== netstandard2.1) (>= netcoreapp3.1))
    Microsoft.Extensions.Caching.Abstractions (5.0) - restriction: || (&& (== netcoreapp3.1) (>= net461)) (&& (== netcoreapp3.1) (< netcoreapp3.0)) (== netstandard2.0) (== netstandard2.1)
      Microsoft.Extensions.Primitives (>= 5.0)
    Microsoft.Extensions.Caching.Memory (5.0) - restriction: || (&& (== netcoreapp3.1) (>= net461)) (&& (== netcoreapp3.1) (< netcoreapp3.0)) (== netstandard2.0) (== netstandard2.1)
      Microsoft.Extensions.Caching.Abstractions (>= 5.0)
      Microsoft.Extensions.DependencyInjection.Abstractions (>= 5.0)
      Microsoft.Extensions.Logging.Abstractions (>= 5.0)
      Microsoft.Extensions.Options (>= 5.0)
      Microsoft.Extensions.Primitives (>= 5.0)
    Microsoft.Extensions.Configuration (5.0) - restriction: || (== netcoreapp3.1) (&& (== netstandard2.0) (>= netcoreapp3.1)) (&& (== netstandard2.1) (>= netcoreapp3.1))
      Microsoft.Extensions.Configuration.Abstractions (>= 5.0)
      Microsoft.Extensions.Primitives (>= 5.0)
    Microsoft.Extensions.Configuration.Abstractions (5.0)
      Microsoft.Extensions.Primitives (>= 5.0)
    Microsoft.Extensions.Configuration.Binder (5.0) - restriction: || (== netcoreapp3.1) (&& (== netstandard2.0) (>= netcoreapp3.1)) (&& (== netstandard2.1) (>= netcoreapp3.1))
      Microsoft.Extensions.Configuration.Abstractions (>= 5.0)
    Microsoft.Extensions.Configuration.CommandLine (5.0) - restriction: || (== netcoreapp3.1) (&& (== netstandard2.0) (>= netcoreapp3.1)) (&& (== netstandard2.1) (>= netcoreapp3.1))
      Microsoft.Extensions.Configuration (>= 5.0)
      Microsoft.Extensions.Configuration.Abstractions (>= 5.0)
    Microsoft.Extensions.Configuration.EnvironmentVariables (5.0) - restriction: || (== netcoreapp3.1) (&& (== netstandard2.0) (>= netcoreapp3.1)) (&& (== netstandard2.1) (>= netcoreapp3.1))
      Microsoft.Extensions.Configuration (>= 5.0)
      Microsoft.Extensions.Configuration.Abstractions (>= 5.0)
    Microsoft.Extensions.Configuration.FileExtensions (5.0) - restriction: || (== netcoreapp3.1) (&& (== netstandard2.0) (>= netcoreapp3.1)) (&& (== netstandard2.1) (>= netcoreapp3.1))
      Microsoft.Extensions.Configuration (>= 5.0)
      Microsoft.Extensions.Configuration.Abstractions (>= 5.0)
      Microsoft.Extensions.FileProviders.Abstractions (>= 5.0)
      Microsoft.Extensions.FileProviders.Physical (>= 5.0)
      Microsoft.Extensions.Primitives (>= 5.0)
    Microsoft.Extensions.Configuration.Json (5.0) - restriction: || (== netcoreapp3.1) (&& (== netstandard2.0) (>= netcoreapp3.1)) (&& (== netstandard2.1) (>= netcoreapp3.1))
      Microsoft.Extensions.Configuration (>= 5.0)
      Microsoft.Extensions.Configuration.Abstractions (>= 5.0)
      Microsoft.Extensions.Configuration.FileExtensions (>= 5.0)
      Microsoft.Extensions.FileProviders.Abstractions (>= 5.0)
      System.Text.Json (>= 5.0)
    Microsoft.Extensions.Configuration.UserSecrets (5.0) - restriction: || (== netcoreapp3.1) (&& (== netstandard2.0) (>= netcoreapp3.1)) (&& (== netstandard2.1) (>= netcoreapp3.1))
      Microsoft.Extensions.Configuration.Abstractions (>= 5.0)
      Microsoft.Extensions.Configuration.Json (>= 5.0)
      Microsoft.Extensions.FileProviders.Abstractions (>= 5.0)
      Microsoft.Extensions.FileProviders.Physical (>= 5.0)
    Microsoft.Extensions.DependencyInjection (5.0.1) - restriction: || (== netcoreapp3.1) (&& (== netstandard2.0) (>= netcoreapp3.1)) (&& (== netstandard2.1) (>= netcoreapp3.1))
      Microsoft.Extensions.DependencyInjection.Abstractions (>= 5.0)
    Microsoft.Extensions.DependencyInjection.Abstractions (5.0)
    Microsoft.Extensions.DependencyModel (5.0) - restriction: || (== netcoreapp3.1) (&& (== netstandard2.0) (>= netcoreapp3.1)) (&& (== netstandard2.1) (>= netcoreapp3.1))
      System.Text.Encodings.Web (>= 5.0)
      System.Text.Json (>= 5.0)
    Microsoft.Extensions.FileProviders.Abstractions (5.0)
      Microsoft.Extensions.Primitives (>= 5.0)
    Microsoft.Extensions.FileProviders.Physical (5.0)
      Microsoft.Extensions.FileProviders.Abstractions (>= 5.0)
      Microsoft.Extensions.FileSystemGlobbing (>= 5.0)
      Microsoft.Extensions.Primitives (>= 5.0)
    Microsoft.Extensions.FileSystemGlobbing (5.0) - restriction: || (&& (== netcoreapp3.1) (>= net461)) (&& (== netcoreapp3.1) (< netcoreapp3.0)) (== netstandard2.0) (== netstandard2.1)
    Microsoft.Extensions.Hosting (5.0) - restriction: || (== netcoreapp3.1) (&& (== netstandard2.0) (>= netcoreapp3.1)) (&& (== netstandard2.1) (>= netcoreapp3.1))
      Microsoft.Extensions.Configuration (>= 5.0)
      Microsoft.Extensions.Configuration.Abstractions (>= 5.0)
      Microsoft.Extensions.Configuration.Binder (>= 5.0)
      Microsoft.Extensions.Configuration.CommandLine (>= 5.0)
      Microsoft.Extensions.Configuration.EnvironmentVariables (>= 5.0)
      Microsoft.Extensions.Configuration.FileExtensions (>= 5.0)
      Microsoft.Extensions.Configuration.Json (>= 5.0)
      Microsoft.Extensions.Configuration.UserSecrets (>= 5.0)
      Microsoft.Extensions.DependencyInjection (>= 5.0)
      Microsoft.Extensions.DependencyInjection.Abstractions (>= 5.0)
      Microsoft.Extensions.FileProviders.Abstractions (>= 5.0)
      Microsoft.Extensions.FileProviders.Physical (>= 5.0)
      Microsoft.Extensions.Hosting.Abstractions (>= 5.0)
      Microsoft.Extensions.Logging (>= 5.0)
      Microsoft.Extensions.Logging.Abstractions (>= 5.0)
      Microsoft.Extensions.Logging.Configuration (>= 5.0)
      Microsoft.Extensions.Logging.Console (>= 5.0)
      Microsoft.Extensions.Logging.Debug (>= 5.0)
      Microsoft.Extensions.Logging.EventLog (>= 5.0)
      Microsoft.Extensions.Logging.EventSource (>= 5.0)
      Microsoft.Extensions.Options (>= 5.0)
    Microsoft.Extensions.Hosting.Abstractions (5.0)
      Microsoft.Bcl.AsyncInterfaces (>= 5.0) - restriction: || (&& (== netcoreapp3.1) (>= net461)) (&& (== netcoreapp3.1) (< netstandard2.1)) (== netstandard2.0) (&& (== netstandard2.1) (>= net461))
      Microsoft.Extensions.Configuration.Abstractions (>= 5.0)
      Microsoft.Extensions.DependencyInjection.Abstractions (>= 5.0)
      Microsoft.Extensions.FileProviders.Abstractions (>= 5.0)
      System.Threading.Tasks.Extensions (>= 4.5.4) - restriction: || (&& (== netcoreapp3.1) (>= net461)) (&& (== netcoreapp3.1) (< netcoreapp2.1) (< netstandard2.1)) (== netstandard2.0) (&& (== netstandard2.1) (>= net461))
    Microsoft.Extensions.Logging (5.0) - restriction: || (== netcoreapp3.1) (&& (== netstandard2.0) (>= netcoreapp3.1)) (&& (== netstandard2.1) (>= netcoreapp3.1))
      Microsoft.Extensions.DependencyInjection (>= 5.0)
      Microsoft.Extensions.DependencyInjection.Abstractions (>= 5.0)
      Microsoft.Extensions.Logging.Abstractions (>= 5.0)
      Microsoft.Extensions.Options (>= 5.0)
      System.Diagnostics.DiagnosticSource (>= 5.0)
    Microsoft.Extensions.Logging.Abstractions (5.0)
    Microsoft.Extensions.Logging.Configuration (5.0) - restriction: || (== netcoreapp3.1) (&& (== netstandard2.0) (>= netcoreapp3.1)) (&& (== netstandard2.1) (>= netcoreapp3.1))
      Microsoft.Extensions.Configuration (>= 5.0)
      Microsoft.Extensions.Configuration.Abstractions (>= 5.0)
      Microsoft.Extensions.Configuration.Binder (>= 5.0)
      Microsoft.Extensions.DependencyInjection.Abstractions (>= 5.0)
      Microsoft.Extensions.Logging (>= 5.0)
      Microsoft.Extensions.Logging.Abstractions (>= 5.0)
      Microsoft.Extensions.Options (>= 5.0)
      Microsoft.Extensions.Options.ConfigurationExtensions (>= 5.0)
    Microsoft.Extensions.Logging.Console (5.0) - restriction: || (== netcoreapp3.1) (&& (== netstandard2.0) (>= netcoreapp3.1)) (&& (== netstandard2.1) (>= netcoreapp3.1))
      Microsoft.Extensions.Configuration.Abstractions (>= 5.0)
      Microsoft.Extensions.DependencyInjection.Abstractions (>= 5.0)
      Microsoft.Extensions.Logging (>= 5.0)
      Microsoft.Extensions.Logging.Abstractions (>= 5.0)
      Microsoft.Extensions.Logging.Configuration (>= 5.0)
      Microsoft.Extensions.Options (>= 5.0)
      Microsoft.Extensions.Options.ConfigurationExtensions (>= 5.0)
      System.Text.Json (>= 5.0)
    Microsoft.Extensions.Logging.Debug (5.0) - restriction: || (== netcoreapp3.1) (&& (== netstandard2.0) (>= netcoreapp3.1)) (&& (== netstandard2.1) (>= netcoreapp3.1))
      Microsoft.Extensions.DependencyInjection.Abstractions (>= 5.0)
      Microsoft.Extensions.Logging (>= 5.0)
      Microsoft.Extensions.Logging.Abstractions (>= 5.0)
    Microsoft.Extensions.Logging.EventLog (5.0) - restriction: || (== netcoreapp3.1) (&& (== netstandard2.0) (>= netcoreapp3.1)) (&& (== netstandard2.1) (>= netcoreapp3.1))
      Microsoft.Extensions.DependencyInjection.Abstractions (>= 5.0)
      Microsoft.Extensions.Logging (>= 5.0)
      Microsoft.Extensions.Logging.Abstractions (>= 5.0)
      Microsoft.Extensions.Options (>= 5.0)
      System.Diagnostics.EventLog (>= 5.0)
    Microsoft.Extensions.Logging.EventSource (5.0.1) - restriction: || (== netcoreapp3.1) (&& (== netstandard2.0) (>= netcoreapp3.1)) (&& (== netstandard2.1) (>= netcoreapp3.1))
      Microsoft.Extensions.DependencyInjection.Abstractions (>= 5.0)
      Microsoft.Extensions.Logging (>= 5.0)
      Microsoft.Extensions.Logging.Abstractions (>= 5.0)
      Microsoft.Extensions.Options (>= 5.0)
      Microsoft.Extensions.Primitives (>= 5.0.1)
      System.Runtime.CompilerServices.Unsafe (>= 5.0)
      System.Text.Json (>= 5.0.2)
    Microsoft.Extensions.ObjectPool (5.0.7)
    Microsoft.Extensions.Options (5.0)
      Microsoft.Extensions.DependencyInjection.Abstractions (>= 5.0)
      Microsoft.Extensions.Primitives (>= 5.0)
    Microsoft.Extensions.Options.ConfigurationExtensions (5.0) - restriction: || (== netcoreapp3.1) (&& (== netstandard2.0) (>= netcoreapp3.1)) (&& (== netstandard2.1) (>= netcoreapp3.1))
      Microsoft.Extensions.Configuration.Abstractions (>= 5.0)
      Microsoft.Extensions.Configuration.Binder (>= 5.0)
      Microsoft.Extensions.DependencyInjection.Abstractions (>= 5.0)
      Microsoft.Extensions.Options (>= 5.0)
      Microsoft.Extensions.Primitives (>= 5.0)
    Microsoft.Extensions.Primitives (5.0.1)
      System.Runtime.CompilerServices.Unsafe (>= 5.0)
    Microsoft.Extensions.WebEncoders (5.0.7) - restriction: || (&& (== netcoreapp3.1) (>= net461)) (&& (== netcoreapp3.1) (< netcoreapp3.0)) (== netstandard2.0) (== netstandard2.1)
      Microsoft.Extensions.DependencyInjection.Abstractions (>= 5.0)
      Microsoft.Extensions.Options (>= 5.0)
      System.Text.Encodings.Web (>= 5.0.1)
    Microsoft.IO.RecyclableMemoryStream (2.1.2)
      System.Memory (>= 4.5.4) - restriction: || (&& (== netcoreapp3.1) (>= net462)) (&& (== netcoreapp3.1) (< netcoreapp2.1) (< netstandard2.1)) (== netstandard2.0) (&& (== netstandard2.1) (>= net462))
    Microsoft.Net.Http.Headers (2.2.8)
      Microsoft.Extensions.Primitives (>= 2.2)
      System.Buffers (>= 4.5)
    Microsoft.NET.Sdk.Functions (3.0.13)
      Microsoft.Azure.Functions.Analyzers (>= 1.0 < 2.0) - restriction: || (== netcoreapp3.1) (&& (== netstandard2.0) (>= netcoreapp3.1)) (&& (== netstandard2.1) (>= netcoreapp3.1))
      Microsoft.Azure.WebJobs (>= 3.0.23 < 3.1) - restriction: || (== netcoreapp3.1) (&& (== netstandard2.0) (>= netcoreapp3.1)) (&& (== netstandard2.1) (>= netcoreapp3.1))
      Microsoft.Azure.WebJobs.Extensions (>= 3.0.6) - restriction: || (== netcoreapp3.1) (&& (== netstandard2.0) (>= netcoreapp3.1)) (&& (== netstandard2.1) (>= netcoreapp3.1))
      Microsoft.Azure.WebJobs.Extensions.Http (>= 3.0.2 < 3.1) - restriction: || (== netcoreapp3.1) (&& (== netstandard2.0) (>= netcoreapp3.1)) (&& (== netstandard2.1) (>= netcoreapp3.1))
      Microsoft.Azure.WebJobs.Script.ExtensionsMetadataGenerator (>= 1.2.2) - restriction: || (== netcoreapp3.1) (&& (== netstandard2.0) (>= netcoreapp3.1)) (&& (== netstandard2.1) (>= netcoreapp3.1))
      Newtonsoft.Json (>= 11.0.2) - restriction: || (== netcoreapp3.1) (&& (== netstandard2.0) (>= netcoreapp3.1)) (&& (== netstandard2.1) (>= netcoreapp3.1))
    Microsoft.NETCore.Platforms (5.0.2)
    Microsoft.NETCore.Targets (5.0) - restriction: || (== netcoreapp3.1) (&& (== netstandard2.0) (>= netcoreapp3.1)) (&& (== netstandard2.1) (>= netcoreapp3.1))
    Microsoft.Rest.ClientRuntime (2.3.23) - restriction: || (== netcoreapp3.1) (&& (== netstandard2.0) (>= netcoreapp3.1)) (&& (== netstandard2.1) (>= netcoreapp3.1))
      Newtonsoft.Json (>= 10.0.3)
    Microsoft.Rest.ClientRuntime.Azure (3.3.19) - restriction: || (== netcoreapp3.1) (&& (== netstandard2.0) (>= netcoreapp3.1)) (&& (== netstandard2.1) (>= netcoreapp3.1))
      Microsoft.Rest.ClientRuntime (>= 2.3.19 < 3.0)
      Newtonsoft.Json (>= 10.0.3)
    Microsoft.Win32.Registry (5.0)
      System.Buffers (>= 4.5.1) - restriction: || (&& (== netcoreapp3.1) (>= monotouch)) (&& (== netcoreapp3.1) (< netcoreapp2.0)) (&& (== netcoreapp3.1) (>= xamarinios)) (&& (== netcoreapp3.1) (>= xamarinmac)) (&& (== netcoreapp3.1) (>= xamarintvos)) (&& (== netcoreapp3.1) (>= xamarinwatchos)) (== netstandard2.0) (== netstandard2.1)
      System.Memory (>= 4.5.4) - restriction: || (&& (== netcoreapp3.1) (< netcoreapp2.0)) (&& (== netcoreapp3.1) (< netcoreapp2.1)) (&& (== netcoreapp3.1) (>= uap10.1)) (== netstandard2.0) (== netstandard2.1)
      System.Security.AccessControl (>= 5.0)
      System.Security.Principal.Windows (>= 5.0)
    NCrontab.Signed (3.3.2) - restriction: || (== netcoreapp3.1) (&& (== netstandard2.0) (>= netcoreapp3.1)) (&& (== netstandard2.1) (>= netcoreapp3.1))
    NETStandard.Library (2.0.3)
      Microsoft.NETCore.Platforms (>= 1.1)
    Newtonsoft.Json (13.0.1)
    Newtonsoft.Json.Bson (1.0.2) - restriction: || (== netcoreapp3.1) (&& (== netstandard2.0) (>= netcoreapp3.1)) (&& (== netstandard2.1) (>= netcoreapp3.1))
      Newtonsoft.Json (>= 12.0.1)
    runtime.debian.8-x64.runtime.native.System.Security.Cryptography.OpenSsl (4.3.3) - restriction: || (== netcoreapp3.1) (&& (== netstandard2.0) (>= netcoreapp3.1)) (&& (== netstandard2.1) (>= netcoreapp3.1))
    runtime.debian.9-x64.runtime.native.System.Security.Cryptography.OpenSsl (4.3.3) - restriction: || (== netcoreapp3.1) (&& (== netstandard2.0) (>= netcoreapp3.1)) (&& (== netstandard2.1) (>= netcoreapp3.1))
    runtime.fedora.23-x64.runtime.native.System.Security.Cryptography.OpenSsl (4.3.3) - restriction: || (== netcoreapp3.1) (&& (== netstandard2.0) (>= netcoreapp3.1)) (&& (== netstandard2.1) (>= netcoreapp3.1))
    runtime.fedora.24-x64.runtime.native.System.Security.Cryptography.OpenSsl (4.3.3) - restriction: || (== netcoreapp3.1) (&& (== netstandard2.0) (>= netcoreapp3.1)) (&& (== netstandard2.1) (>= netcoreapp3.1))
    runtime.fedora.27-x64.runtime.native.System.Security.Cryptography.OpenSsl (4.3.3) - restriction: || (== netcoreapp3.1) (&& (== netstandard2.0) (>= netcoreapp3.1)) (&& (== netstandard2.1) (>= netcoreapp3.1))
    runtime.fedora.28-x64.runtime.native.System.Security.Cryptography.OpenSsl (4.3.3) - restriction: || (== netcoreapp3.1) (&& (== netstandard2.0) (>= netcoreapp3.1)) (&& (== netstandard2.1) (>= netcoreapp3.1))
    runtime.native.System (4.3.1) - restriction: || (== netcoreapp3.1) (&& (== netstandard2.0) (>= netcoreapp3.1)) (&& (== netstandard2.1) (>= netcoreapp3.1))
      Microsoft.NETCore.Platforms (>= 1.1.1)
      Microsoft.NETCore.Targets (>= 1.1.3)
    runtime.native.System.Net.Http (4.3.1) - restriction: || (== netcoreapp3.1) (&& (== netstandard2.0) (>= netcoreapp3.1)) (&& (== netstandard2.1) (>= netcoreapp3.1))
      Microsoft.NETCore.Platforms (>= 1.1.1)
      Microsoft.NETCore.Targets (>= 1.1.3)
    runtime.native.System.Security.Cryptography.Apple (4.3.1) - restriction: || (== netcoreapp3.1) (&& (== netstandard2.0) (>= netcoreapp3.1)) (&& (== netstandard2.1) (>= netcoreapp3.1))
      runtime.osx.10.10-x64.runtime.native.System.Security.Cryptography.Apple (>= 4.3.1)
    runtime.native.System.Security.Cryptography.OpenSsl (4.3.3) - restriction: || (== netcoreapp3.1) (&& (== netstandard2.0) (>= netcoreapp3.1)) (&& (== netstandard2.1) (>= netcoreapp3.1))
      runtime.debian.8-x64.runtime.native.System.Security.Cryptography.OpenSsl (>= 4.3.3)
      runtime.debian.9-x64.runtime.native.System.Security.Cryptography.OpenSsl (>= 4.3.3)
      runtime.fedora.23-x64.runtime.native.System.Security.Cryptography.OpenSsl (>= 4.3.3)
      runtime.fedora.24-x64.runtime.native.System.Security.Cryptography.OpenSsl (>= 4.3.3)
      runtime.fedora.27-x64.runtime.native.System.Security.Cryptography.OpenSsl (>= 4.3.3)
      runtime.fedora.28-x64.runtime.native.System.Security.Cryptography.OpenSsl (>= 4.3.3)
      runtime.opensuse.13.2-x64.runtime.native.System.Security.Cryptography.OpenSsl (>= 4.3.3)
      runtime.opensuse.42.1-x64.runtime.native.System.Security.Cryptography.OpenSsl (>= 4.3.3)
      runtime.opensuse.42.3-x64.runtime.native.System.Security.Cryptography.OpenSsl (>= 4.3.3)
      runtime.osx.10.10-x64.runtime.native.System.Security.Cryptography.OpenSsl (>= 4.3.3)
      runtime.rhel.7-x64.runtime.native.System.Security.Cryptography.OpenSsl (>= 4.3.3)
      runtime.ubuntu.14.04-x64.runtime.native.System.Security.Cryptography.OpenSsl (>= 4.3.3)
      runtime.ubuntu.16.04-x64.runtime.native.System.Security.Cryptography.OpenSsl (>= 4.3.3)
      runtime.ubuntu.16.10-x64.runtime.native.System.Security.Cryptography.OpenSsl (>= 4.3.3)
      runtime.ubuntu.18.04-x64.runtime.native.System.Security.Cryptography.OpenSsl (>= 4.3.3)
    runtime.opensuse.13.2-x64.runtime.native.System.Security.Cryptography.OpenSsl (4.3.3) - restriction: || (== netcoreapp3.1) (&& (== netstandard2.0) (>= netcoreapp3.1)) (&& (== netstandard2.1) (>= netcoreapp3.1))
    runtime.opensuse.42.1-x64.runtime.native.System.Security.Cryptography.OpenSsl (4.3.3) - restriction: || (== netcoreapp3.1) (&& (== netstandard2.0) (>= netcoreapp3.1)) (&& (== netstandard2.1) (>= netcoreapp3.1))
    runtime.opensuse.42.3-x64.runtime.native.System.Security.Cryptography.OpenSsl (4.3.3) - restriction: || (== netcoreapp3.1) (&& (== netstandard2.0) (>= netcoreapp3.1)) (&& (== netstandard2.1) (>= netcoreapp3.1))
    runtime.osx.10.10-x64.runtime.native.System.Security.Cryptography.Apple (4.3.1) - restriction: || (== netcoreapp3.1) (&& (== netstandard2.0) (>= netcoreapp3.1)) (&& (== netstandard2.1) (>= netcoreapp3.1))
    runtime.osx.10.10-x64.runtime.native.System.Security.Cryptography.OpenSsl (4.3.3) - restriction: || (== netcoreapp3.1) (&& (== netstandard2.0) (>= netcoreapp3.1)) (&& (== netstandard2.1) (>= netcoreapp3.1))
    runtime.rhel.7-x64.runtime.native.System.Security.Cryptography.OpenSsl (4.3.3) - restriction: || (== netcoreapp3.1) (&& (== netstandard2.0) (>= netcoreapp3.1)) (&& (== netstandard2.1) (>= netcoreapp3.1))
    runtime.ubuntu.14.04-x64.runtime.native.System.Security.Cryptography.OpenSsl (4.3.3) - restriction: || (== netcoreapp3.1) (&& (== netstandard2.0) (>= netcoreapp3.1)) (&& (== netstandard2.1) (>= netcoreapp3.1))
    runtime.ubuntu.16.04-x64.runtime.native.System.Security.Cryptography.OpenSsl (4.3.3) - restriction: || (== netcoreapp3.1) (&& (== netstandard2.0) (>= netcoreapp3.1)) (&& (== netstandard2.1) (>= netcoreapp3.1))
    runtime.ubuntu.16.10-x64.runtime.native.System.Security.Cryptography.OpenSsl (4.3.3) - restriction: || (== netcoreapp3.1) (&& (== netstandard2.0) (>= netcoreapp3.1)) (&& (== netstandard2.1) (>= netcoreapp3.1))
    runtime.ubuntu.18.04-x64.runtime.native.System.Security.Cryptography.OpenSsl (4.3.3) - restriction: || (== netcoreapp3.1) (&& (== netstandard2.0) (>= netcoreapp3.1)) (&& (== netstandard2.1) (>= netcoreapp3.1))
    System.Buffers (4.5.1) - restriction: || (&& (== netcoreapp3.1) (>= monotouch)) (&& (== netcoreapp3.1) (>= net461)) (&& (== netcoreapp3.1) (>= net462)) (&& (== netcoreapp3.1) (< netcoreapp2.0)) (&& (== netcoreapp3.1) (< netcoreapp2.1) (< netstandard2.1) (>= xamarinios)) (&& (== netcoreapp3.1) (< netcoreapp2.1) (< netstandard2.1) (>= xamarinmac)) (&& (== netcoreapp3.1) (< netcoreapp2.1) (< netstandard2.1) (>= xamarintvos)) (&& (== netcoreapp3.1) (< netcoreapp2.1) (< netstandard2.1) (>= xamarinwatchos)) (&& (== netcoreapp3.1) (< netcoreapp3.0) (>= xamarinios)) (&& (== netcoreapp3.1) (< netcoreapp3.0) (>= xamarinmac)) (&& (== netcoreapp3.1) (< netcoreapp3.0) (>= xamarintvos)) (&& (== netcoreapp3.1) (< netcoreapp3.0) (>= xamarinwatchos)) (&& (== netcoreapp3.1) (< netstandard1.1)) (&& (== netcoreapp3.1) (< netstandard2.0)) (== netstandard2.0) (== netstandard2.1)
    System.Collections (4.3) - restriction: || (== netcoreapp3.1) (&& (== netstandard2.0) (>= netcoreapp3.1)) (&& (== netstandard2.1) (>= netcoreapp3.1))
      Microsoft.NETCore.Platforms (>= 1.1)
      Microsoft.NETCore.Targets (>= 1.1)
      System.Runtime (>= 4.3)
    System.Collections.Concurrent (4.3) - restriction: || (== netcoreapp3.1) (&& (== netstandard2.0) (>= netcoreapp3.1)) (&& (== netstandard2.1) (>= netcoreapp3.1))
      System.Collections (>= 4.3)
      System.Diagnostics.Debug (>= 4.3)
      System.Diagnostics.Tracing (>= 4.3)
      System.Globalization (>= 4.3)
      System.Reflection (>= 4.3)
      System.Resources.ResourceManager (>= 4.3)
      System.Runtime (>= 4.3)
      System.Runtime.Extensions (>= 4.3)
      System.Threading (>= 4.3)
      System.Threading.Tasks (>= 4.3)
    System.Collections.Immutable (5.0) - restriction: || (&& (== netcoreapp3.1) (>= net461)) (&& (== netcoreapp3.1) (< netcoreapp3.0)) (&& (== netcoreapp3.1) (< netstandard1.1)) (&& (== netcoreapp3.1) (< netstandard2.0)) (== netstandard2.0) (== netstandard2.1)
      System.Memory (>= 4.5.4) - restriction: || (&& (== netcoreapp3.1) (>= net461)) (&& (== netcoreapp3.1) (< netcoreapp2.1)) (&& (== netcoreapp3.1) (< netstandard2.0)) (&& (== netcoreapp3.1) (>= uap10.1)) (== netstandard2.0) (== netstandard2.1)
    System.ComponentModel.Annotations (5.0) - restriction: || (== netcoreapp3.1) (&& (== netstandard2.0) (>= netcoreapp3.1)) (&& (== netstandard2.1) (>= netcoreapp3.1))
    System.Diagnostics.Debug (4.3) - restriction: || (== netcoreapp3.1) (&& (== netstandard2.0) (>= netcoreapp3.1)) (&& (== netstandard2.1) (>= netcoreapp3.1))
      Microsoft.NETCore.Platforms (>= 1.1)
      Microsoft.NETCore.Targets (>= 1.1)
      System.Runtime (>= 4.3)
    System.Diagnostics.DiagnosticSource (5.0.1)
      System.Memory (>= 4.5.4) - restriction: || (&& (== netcoreapp3.1) (>= net45) (< netstandard1.3)) (&& (== netcoreapp3.1) (>= net46)) (&& (== netcoreapp3.1) (< netcoreapp2.1)) (&& (== netcoreapp3.1) (< netstandard2.0)) (&& (== netcoreapp3.1) (>= uap10.1)) (== netstandard2.0) (== netstandard2.1)
      System.Runtime.CompilerServices.Unsafe (>= 5.0) - restriction: || (&& (== netcoreapp3.1) (>= monotouch)) (&& (== netcoreapp3.1) (>= net45) (< netstandard1.3)) (&& (== netcoreapp3.1) (>= net46)) (&& (== netcoreapp3.1) (< netcoreapp2.1)) (&& (== netcoreapp3.1) (< netcoreapp3.0)) (&& (== netcoreapp3.1) (< netstandard2.0)) (&& (== netcoreapp3.1) (>= uap10.1)) (== netstandard2.0) (== netstandard2.1)
    System.Diagnostics.EventLog (5.0.1) - restriction: || (== netcoreapp3.1) (&& (== netstandard2.0) (>= netcoreapp3.1)) (&& (== netstandard2.1) (>= netcoreapp3.1))
      Microsoft.NETCore.Platforms (>= 5.0.1) - restriction: || (== netcoreapp3.1) (&& (== netstandard2.0) (>= netcoreapp2.0)) (&& (== netstandard2.1) (>= netcoreapp2.0))
      Microsoft.Win32.Registry (>= 5.0) - restriction: || (== netcoreapp3.1) (&& (== netstandard2.0) (>= netcoreapp2.0)) (&& (== netstandard2.1) (>= netcoreapp2.0))
      System.Security.Principal.Windows (>= 5.0)
    System.Diagnostics.TraceSource (4.3) - restriction: || (== netcoreapp3.1) (&& (== netstandard2.0) (>= netcoreapp3.1)) (&& (== netstandard2.1) (>= netcoreapp3.1))
      Microsoft.NETCore.Platforms (>= 1.1)
      runtime.native.System (>= 4.3)
      System.Collections (>= 4.3)
      System.Diagnostics.Debug (>= 4.3)
      System.Globalization (>= 4.3)
      System.Resources.ResourceManager (>= 4.3)
      System.Runtime (>= 4.3)
      System.Runtime.Extensions (>= 4.3)
      System.Threading (>= 4.3)
    System.Diagnostics.Tracing (4.3) - restriction: || (== netcoreapp3.1) (&& (== netstandard2.0) (>= netcoreapp3.1)) (&& (== netstandard2.1) (>= netcoreapp3.1))
      Microsoft.NETCore.Platforms (>= 1.1)
      Microsoft.NETCore.Targets (>= 1.1)
      System.Runtime (>= 4.3)
    System.Formats.Asn1 (5.0)
      System.Buffers (>= 4.5.1) - restriction: || (&& (== netcoreapp3.1) (>= monotouch)) (&& (== netcoreapp3.1) (>= net461)) (&& (== netcoreapp3.1) (< netcoreapp2.0)) (&& (== netcoreapp3.1) (>= xamarinios)) (&& (== netcoreapp3.1) (>= xamarinmac)) (&& (== netcoreapp3.1) (>= xamarintvos)) (&& (== netcoreapp3.1) (>= xamarinwatchos)) (== netstandard2.0) (== netstandard2.1)
      System.Memory (>= 4.5.4) - restriction: || (&& (== netcoreapp3.1) (>= net461)) (&& (== netcoreapp3.1) (< netcoreapp2.0)) (&& (== netcoreapp3.1) (< netcoreapp2.1)) (&& (== netcoreapp3.1) (>= uap10.1)) (== netstandard2.0) (== netstandard2.1)
    System.Globalization (4.3) - restriction: || (== netcoreapp3.1) (&& (== netstandard2.0) (>= netcoreapp3.1)) (&& (== netstandard2.1) (>= netcoreapp3.1))
      Microsoft.NETCore.Platforms (>= 1.1)
      Microsoft.NETCore.Targets (>= 1.1)
      System.Runtime (>= 4.3)
    System.Globalization.Calendars (4.3) - restriction: || (== netcoreapp3.1) (&& (== netstandard2.0) (>= netcoreapp3.1)) (&& (== netstandard2.1) (>= netcoreapp3.1))
      Microsoft.NETCore.Platforms (>= 1.1)
      Microsoft.NETCore.Targets (>= 1.1)
      System.Globalization (>= 4.3)
      System.Runtime (>= 4.3)
    System.Globalization.Extensions (4.3) - restriction: || (== netcoreapp3.1) (&& (== netstandard2.0) (>= netcoreapp3.1)) (&& (== netstandard2.1) (>= netcoreapp3.1))
      Microsoft.NETCore.Platforms (>= 1.1)
      System.Globalization (>= 4.3)
      System.Resources.ResourceManager (>= 4.3)
      System.Runtime (>= 4.3)
      System.Runtime.Extensions (>= 4.3)
      System.Runtime.InteropServices (>= 4.3)
    System.IO (4.3) - restriction: || (== netcoreapp3.1) (&& (== netstandard2.0) (>= netcoreapp3.1)) (&& (== netstandard2.1) (>= netcoreapp3.1))
      Microsoft.NETCore.Platforms (>= 1.1)
      Microsoft.NETCore.Targets (>= 1.1)
      System.Runtime (>= 4.3)
      System.Text.Encoding (>= 4.3)
      System.Threading.Tasks (>= 4.3)
    System.IO.FileSystem (4.3) - restriction: || (== netcoreapp3.1) (&& (== netstandard2.0) (>= netcoreapp3.1)) (&& (== netstandard2.1) (>= netcoreapp3.1))
      Microsoft.NETCore.Platforms (>= 1.1)
      Microsoft.NETCore.Targets (>= 1.1)
      System.IO (>= 4.3)
      System.IO.FileSystem.Primitives (>= 4.3)
      System.Runtime (>= 4.3)
      System.Runtime.Handles (>= 4.3)
      System.Text.Encoding (>= 4.3)
      System.Threading.Tasks (>= 4.3)
    System.IO.FileSystem.Primitives (4.3) - restriction: || (== netcoreapp3.1) (&& (== netstandard2.0) (>= netcoreapp3.1)) (&& (== netstandard2.1) (>= netcoreapp3.1))
      System.Runtime (>= 4.3)
    System.IO.Pipelines (5.0.1) - restriction: || (&& (== netcoreapp3.1) (>= net461)) (&& (== netcoreapp3.1) (< netcoreapp3.0)) (== netstandard2.0) (== netstandard2.1)
      System.Buffers (>= 4.5.1) - restriction: || (&& (== netcoreapp3.1) (>= monotouch)) (&& (== netcoreapp3.1) (>= net461)) (&& (== netcoreapp3.1) (< netcoreapp2.0)) (&& (== netcoreapp3.1) (< netstandard2.0)) (&& (== netcoreapp3.1) (>= xamarinios)) (&& (== netcoreapp3.1) (>= xamarinmac)) (&& (== netcoreapp3.1) (>= xamarintvos)) (&& (== netcoreapp3.1) (>= xamarinwatchos)) (== netstandard2.0) (== netstandard2.1)
      System.Memory (>= 4.5.4) - restriction: || (&& (== netcoreapp3.1) (>= net461)) (&& (== netcoreapp3.1) (< netcoreapp2.0)) (&& (== netcoreapp3.1) (< netcoreapp2.1)) (&& (== netcoreapp3.1) (< netstandard2.0)) (&& (== netcoreapp3.1) (>= uap10.1)) (== netstandard2.0) (== netstandard2.1)
      System.Threading.Tasks.Extensions (>= 4.5.4) - restriction: || (&& (== netcoreapp3.1) (>= net461)) (&& (== netcoreapp3.1) (< netcoreapp2.0)) (&& (== netcoreapp3.1) (< netcoreapp2.1)) (&& (== netcoreapp3.1) (< netstandard2.0)) (&& (== netcoreapp3.1) (>= uap10.1)) (== netstandard2.0) (== netstandard2.1)
    System.Linq (4.3) - restriction: || (== netcoreapp3.1) (&& (== netstandard2.0) (>= netcoreapp3.1)) (&& (== netstandard2.1) (>= netcoreapp3.1))
      System.Collections (>= 4.3)
      System.Diagnostics.Debug (>= 4.3)
      System.Resources.ResourceManager (>= 4.3)
      System.Runtime (>= 4.3)
      System.Runtime.Extensions (>= 4.3)
    System.Memory (4.5.4) - restriction: || (&& (== netcoreapp3.1) (>= net45) (< netstandard1.3)) (&& (== netcoreapp3.1) (>= net46)) (&& (== netcoreapp3.1) (>= net461)) (&& (== netcoreapp3.1) (>= net462)) (&& (== netcoreapp3.1) (< netcoreapp2.1)) (&& (== netcoreapp3.1) (< netstandard2.0)) (&& (== netcoreapp3.1) (>= uap10.1)) (== netstandard2.0) (== netstandard2.1)
      System.Buffers (>= 4.5.1) - restriction: || (&& (== netcoreapp3.1) (>= monotouch)) (&& (== netcoreapp3.1) (>= net461)) (&& (== netcoreapp3.1) (< netcoreapp2.0)) (&& (== netcoreapp3.1) (< netstandard1.1)) (&& (== netcoreapp3.1) (< netstandard2.0)) (&& (== netcoreapp3.1) (>= xamarinios)) (&& (== netcoreapp3.1) (>= xamarinmac)) (&& (== netcoreapp3.1) (>= xamarintvos)) (&& (== netcoreapp3.1) (>= xamarinwatchos)) (== netstandard2.0) (== netstandard2.1)
      System.Numerics.Vectors (>= 4.4) - restriction: || (&& (== netcoreapp3.1) (< netcoreapp2.0)) (== netstandard2.0) (== netstandard2.1)
      System.Runtime.CompilerServices.Unsafe (>= 4.5.3) - restriction: || (&& (== netcoreapp3.1) (>= monotouch)) (&& (== netcoreapp3.1) (>= net461)) (&& (== netcoreapp3.1) (< netcoreapp2.0)) (&& (== netcoreapp3.1) (< netcoreapp2.1)) (&& (== netcoreapp3.1) (< netstandard1.1)) (&& (== netcoreapp3.1) (< netstandard2.0)) (&& (== netcoreapp3.1) (>= uap10.1)) (&& (== netcoreapp3.1) (>= xamarinios)) (&& (== netcoreapp3.1) (>= xamarinmac)) (&& (== netcoreapp3.1) (>= xamarintvos)) (&& (== netcoreapp3.1) (>= xamarinwatchos)) (== netstandard2.0) (== netstandard2.1)
    System.Memory.Data (1.0.2) - restriction: || (== netcoreapp3.1) (&& (== netstandard2.0) (>= netcoreapp3.1)) (&& (== netstandard2.1) (>= netcoreapp3.1))
      System.Text.Encodings.Web (>= 4.7.2)
      System.Text.Json (>= 4.6)
    System.Net.Http (4.3.4) - restriction: || (== netcoreapp3.1) (&& (== netstandard2.0) (>= netcoreapp3.1)) (&& (== netstandard2.1) (>= netcoreapp3.1))
      Microsoft.NETCore.Platforms (>= 1.1.1)
      runtime.native.System (>= 4.3)
      runtime.native.System.Net.Http (>= 4.3)
      runtime.native.System.Security.Cryptography.OpenSsl (>= 4.3.2)
      System.Collections (>= 4.3)
      System.Diagnostics.Debug (>= 4.3)
      System.Diagnostics.DiagnosticSource (>= 4.3)
      System.Diagnostics.Tracing (>= 4.3)
      System.Globalization (>= 4.3)
      System.Globalization.Extensions (>= 4.3)
      System.IO (>= 4.3)
      System.IO.FileSystem (>= 4.3)
      System.Net.Primitives (>= 4.3)
      System.Resources.ResourceManager (>= 4.3)
      System.Runtime (>= 4.3)
      System.Runtime.Extensions (>= 4.3)
      System.Runtime.Handles (>= 4.3)
      System.Runtime.InteropServices (>= 4.3)
      System.Security.Cryptography.Algorithms (>= 4.3)
      System.Security.Cryptography.Encoding (>= 4.3)
      System.Security.Cryptography.OpenSsl (>= 4.3)
      System.Security.Cryptography.Primitives (>= 4.3)
      System.Security.Cryptography.X509Certificates (>= 4.3)
      System.Text.Encoding (>= 4.3)
      System.Threading (>= 4.3)
      System.Threading.Tasks (>= 4.3)
    System.Net.Primitives (4.3.1) - restriction: || (== netcoreapp3.1) (&& (== netstandard2.0) (>= netcoreapp3.1)) (&& (== netstandard2.1) (>= netcoreapp3.1))
      Microsoft.NETCore.Platforms (>= 1.1.1)
      Microsoft.NETCore.Targets (>= 1.1.3)
      System.Runtime (>= 4.3.1)
      System.Runtime.Handles (>= 4.3)
    System.Numerics.Vectors (4.5) - restriction: || (&& (== netcoreapp3.1) (>= net462)) (&& (== netcoreapp3.1) (< netcoreapp2.0) (< netstandard2.1)) (== netstandard2.0) (&& (== netstandard2.1) (>= net462))
    System.Reflection (4.3) - restriction: || (== netcoreapp3.1) (&& (== netstandard2.0) (>= netcoreapp3.1)) (&& (== netstandard2.1) (>= netcoreapp3.1))
      Microsoft.NETCore.Platforms (>= 1.1)
      Microsoft.NETCore.Targets (>= 1.1)
      System.IO (>= 4.3)
      System.Reflection.Primitives (>= 4.3)
      System.Runtime (>= 4.3)
    System.Reflection.Emit (4.7)
      System.Reflection.Emit.ILGeneration (>= 4.7) - restriction: || (&& (== netcoreapp3.1) (< netcoreapp2.0) (< netstandard2.1)) (&& (== netcoreapp3.1) (< netstandard1.1)) (&& (== netcoreapp3.1) (< netstandard2.0)) (&& (== netcoreapp3.1) (>= uap10.1)) (== netstandard2.0) (&& (== netstandard2.1) (< netstandard1.1)) (&& (== netstandard2.1) (< netstandard2.0)) (&& (== netstandard2.1) (>= uap10.1))
    System.Reflection.Emit.ILGeneration (4.7) - restriction: || (&& (== netcoreapp3.1) (< netcoreapp2.0) (< netstandard2.1)) (&& (== netcoreapp3.1) (< netstandard1.1)) (&& (== netcoreapp3.1) (< netstandard2.0)) (&& (== netcoreapp3.1) (>= uap10.1)) (== netstandard2.0) (&& (== netstandard2.1) (< netstandard1.1)) (&& (== netstandard2.1) (< netstandard2.0)) (&& (== netstandard2.1) (>= uap10.1))
    System.Reflection.Emit.Lightweight (4.7)
      System.Reflection.Emit.ILGeneration (>= 4.7) - restriction: || (&& (== netcoreapp3.1) (< netcoreapp2.0) (< netstandard2.1)) (&& (== netcoreapp3.1) (< netstandard2.0)) (&& (== netcoreapp3.1) (< portable-net45+wp8)) (&& (== netcoreapp3.1) (>= uap10.1)) (== netstandard2.0) (&& (== netstandard2.1) (< netstandard2.0)) (&& (== netstandard2.1) (< portable-net45+wp8)) (&& (== netstandard2.1) (>= uap10.1))
    System.Reflection.Metadata (5.0) - restriction: || (&& (== netcoreapp3.1) (>= net461)) (&& (== netcoreapp3.1) (< netcoreapp3.0)) (== netstandard2.0) (== netstandard2.1)
      System.Collections.Immutable (>= 5.0)
    System.Reflection.Primitives (4.3) - restriction: || (== netcoreapp3.1) (&& (== netstandard2.0) (>= netcoreapp3.1)) (&& (== netstandard2.1) (>= netcoreapp3.1))
      Microsoft.NETCore.Platforms (>= 1.1)
      Microsoft.NETCore.Targets (>= 1.1)
      System.Runtime (>= 4.3)
    System.Resources.ResourceManager (4.3) - restriction: || (== netcoreapp3.1) (&& (== netstandard2.0) (>= netcoreapp3.1)) (&& (== netstandard2.1) (>= netcoreapp3.1))
      Microsoft.NETCore.Platforms (>= 1.1)
      Microsoft.NETCore.Targets (>= 1.1)
      System.Globalization (>= 4.3)
      System.Reflection (>= 4.3)
      System.Runtime (>= 4.3)
    System.Runtime (4.3.1) - restriction: || (== netcoreapp3.1) (&& (== netstandard2.0) (>= netcoreapp3.1)) (&& (== netstandard2.1) (>= netcoreapp3.1))
      Microsoft.NETCore.Platforms (>= 1.1.1)
      Microsoft.NETCore.Targets (>= 1.1.3)
    System.Runtime.CompilerServices.Unsafe (5.0)
    System.Runtime.Extensions (4.3.1) - restriction: || (== netcoreapp3.1) (&& (== netstandard2.0) (>= netcoreapp3.1)) (&& (== netstandard2.1) (>= netcoreapp3.1))
      Microsoft.NETCore.Platforms (>= 1.1.1)
      Microsoft.NETCore.Targets (>= 1.1.3)
      System.Runtime (>= 4.3.1)
    System.Runtime.Handles (4.3) - restriction: || (== netcoreapp3.1) (&& (== netstandard2.0) (>= netcoreapp3.1)) (&& (== netstandard2.1) (>= netcoreapp3.1))
      Microsoft.NETCore.Platforms (>= 1.1)
      Microsoft.NETCore.Targets (>= 1.1)
      System.Runtime (>= 4.3)
    System.Runtime.InteropServices (4.3) - restriction: || (== netcoreapp3.1) (&& (== netstandard2.0) (>= netcoreapp3.1)) (&& (== netstandard2.1) (>= netcoreapp3.1))
      Microsoft.NETCore.Platforms (>= 1.1)
      Microsoft.NETCore.Targets (>= 1.1)
      System.Reflection (>= 4.3)
      System.Reflection.Primitives (>= 4.3)
      System.Runtime (>= 4.3)
      System.Runtime.Handles (>= 4.3)
    System.Runtime.Loader (4.3) - restriction: || (== netcoreapp3.1) (&& (== netstandard2.0) (>= netcoreapp3.1)) (&& (== netstandard2.1) (>= netcoreapp3.1))
      System.IO (>= 4.3)
      System.Reflection (>= 4.3)
      System.Runtime (>= 4.3)
    System.Runtime.Numerics (4.3) - restriction: || (== netcoreapp3.1) (&& (== netstandard2.0) (>= netcoreapp3.1)) (&& (== netstandard2.1) (>= netcoreapp3.1))
      System.Globalization (>= 4.3)
      System.Resources.ResourceManager (>= 4.3)
      System.Runtime (>= 4.3)
      System.Runtime.Extensions (>= 4.3)
    System.Security.AccessControl (5.0) - restriction: || (&& (== netcoreapp3.1) (>= monotouch)) (&& (== netcoreapp3.1) (>= net461)) (&& (== netcoreapp3.1) (< netcoreapp2.0)) (&& (== netcoreapp3.1) (< netcoreapp3.0)) (&& (== netcoreapp3.1) (>= uap10.1)) (== netstandard2.0) (== netstandard2.1)
      System.Security.Principal.Windows (>= 5.0)
    System.Security.Cryptography.Algorithms (4.3.1) - restriction: || (== netcoreapp3.1) (&& (== netstandard2.0) (>= netcoreapp3.1)) (&& (== netstandard2.1) (>= netcoreapp3.1))
      Microsoft.NETCore.Platforms (>= 1.1)
      runtime.native.System.Security.Cryptography.Apple (>= 4.3.1)
      runtime.native.System.Security.Cryptography.OpenSsl (>= 4.3.2)
      System.Collections (>= 4.3)
      System.IO (>= 4.3)
      System.Resources.ResourceManager (>= 4.3)
      System.Runtime (>= 4.3)
      System.Runtime.Extensions (>= 4.3)
      System.Runtime.Handles (>= 4.3)
      System.Runtime.InteropServices (>= 4.3)
      System.Runtime.Numerics (>= 4.3)
      System.Security.Cryptography.Encoding (>= 4.3)
      System.Security.Cryptography.Primitives (>= 4.3)
      System.Text.Encoding (>= 4.3)
    System.Security.Cryptography.Cng (5.0)
    System.Security.Cryptography.Csp (4.3) - restriction: || (== netcoreapp3.1) (&& (== netstandard2.0) (>= netcoreapp3.1)) (&& (== netstandard2.1) (>= netcoreapp3.1))
      Microsoft.NETCore.Platforms (>= 1.1)
      System.IO (>= 4.3)
      System.Reflection (>= 4.3)
      System.Resources.ResourceManager (>= 4.3)
      System.Runtime (>= 4.3)
      System.Runtime.Extensions (>= 4.3)
      System.Runtime.Handles (>= 4.3)
      System.Runtime.InteropServices (>= 4.3)
      System.Security.Cryptography.Algorithms (>= 4.3)
      System.Security.Cryptography.Encoding (>= 4.3)
      System.Security.Cryptography.Primitives (>= 4.3)
      System.Text.Encoding (>= 4.3)
      System.Threading (>= 4.3)
    System.Security.Cryptography.Encoding (4.3) - restriction: || (== netcoreapp3.1) (&& (== netstandard2.0) (>= netcoreapp3.1)) (&& (== netstandard2.1) (>= netcoreapp3.1))
      Microsoft.NETCore.Platforms (>= 1.1)
      runtime.native.System.Security.Cryptography.OpenSsl (>= 4.3)
      System.Collections (>= 4.3)
      System.Collections.Concurrent (>= 4.3)
      System.Linq (>= 4.3)
      System.Resources.ResourceManager (>= 4.3)
      System.Runtime (>= 4.3)
      System.Runtime.Extensions (>= 4.3)
      System.Runtime.Handles (>= 4.3)
      System.Runtime.InteropServices (>= 4.3)
      System.Security.Cryptography.Primitives (>= 4.3)
      System.Text.Encoding (>= 4.3)
    System.Security.Cryptography.OpenSsl (5.0) - restriction: || (== netcoreapp3.1) (&& (== netstandard2.0) (>= netcoreapp3.1)) (&& (== netstandard2.1) (>= netcoreapp3.1))
      System.Formats.Asn1 (>= 5.0) - restriction: || (== netcoreapp3.1) (&& (== netstandard2.0) (>= netcoreapp3.0)) (&& (== netstandard2.1) (>= netcoreapp3.0))
    System.Security.Cryptography.Pkcs (5.0.1) - restriction: || (&& (== netcoreapp3.1) (>= monotouch)) (&& (== netcoreapp3.1) (>= net461)) (&& (== netcoreapp3.1) (< netcoreapp3.0)) (== netstandard2.0) (== netstandard2.1)
      System.Buffers (>= 4.5.1) - restriction: || (&& (== netcoreapp3.1) (< netcoreapp2.0) (< netstandard2.1)) (== netstandard2.0)
      System.Formats.Asn1 (>= 5.0)
      System.Memory (>= 4.5.4) - restriction: || (&& (== netcoreapp3.1) (< netcoreapp2.0) (< netstandard2.1)) (&& (== netcoreapp3.1) (< netcoreapp2.1) (< netstandard2.1)) (&& (== netcoreapp3.1) (>= uap10.1)) (== netstandard2.0) (&& (== netstandard2.1) (>= uap10.1))
      System.Security.Cryptography.Cng (>= 5.0)
    System.Security.Cryptography.Primitives (4.3) - restriction: || (== netcoreapp3.1) (&& (== netstandard2.0) (>= netcoreapp3.1)) (&& (== netstandard2.1) (>= netcoreapp3.1))
      System.Diagnostics.Debug (>= 4.3)
      System.Globalization (>= 4.3)
      System.IO (>= 4.3)
      System.Resources.ResourceManager (>= 4.3)
      System.Runtime (>= 4.3)
      System.Threading (>= 4.3)
      System.Threading.Tasks (>= 4.3)
    System.Security.Cryptography.X509Certificates (4.3.2) - restriction: || (== netcoreapp3.1) (&& (== netstandard2.0) (>= netcoreapp3.1)) (&& (== netstandard2.1) (>= netcoreapp3.1))
      Microsoft.NETCore.Platforms (>= 1.1)
      runtime.native.System (>= 4.3)
      runtime.native.System.Net.Http (>= 4.3)
      runtime.native.System.Security.Cryptography.OpenSsl (>= 4.3.2)
      System.Collections (>= 4.3)
      System.Diagnostics.Debug (>= 4.3)
      System.Globalization (>= 4.3)
      System.Globalization.Calendars (>= 4.3)
      System.IO (>= 4.3)
      System.IO.FileSystem (>= 4.3)
      System.IO.FileSystem.Primitives (>= 4.3)
      System.Resources.ResourceManager (>= 4.3)
      System.Runtime (>= 4.3)
      System.Runtime.Extensions (>= 4.3)
      System.Runtime.Handles (>= 4.3)
      System.Runtime.InteropServices (>= 4.3)
      System.Runtime.Numerics (>= 4.3)
      System.Security.Cryptography.Algorithms (>= 4.3)
      System.Security.Cryptography.Cng (>= 4.3)
      System.Security.Cryptography.Csp (>= 4.3)
      System.Security.Cryptography.Encoding (>= 4.3)
      System.Security.Cryptography.OpenSsl (>= 4.3)
      System.Security.Cryptography.Primitives (>= 4.3)
      System.Text.Encoding (>= 4.3)
      System.Threading (>= 4.3)
    System.Security.Cryptography.Xml (5.0) - restriction: || (&& (== netcoreapp3.1) (>= net461)) (&& (== netcoreapp3.1) (< netcoreapp3.0)) (== netstandard2.0) (== netstandard2.1)
      System.Memory (>= 4.5.4) - restriction: || (&& (== netcoreapp3.1) (< netcoreapp2.1)) (== netstandard2.0) (== netstandard2.1)
      System.Security.Cryptography.Pkcs (>= 5.0)
      System.Security.Permissions (>= 5.0)
    System.Security.Permissions (5.0) - restriction: || (&& (== netcoreapp3.1) (>= monotouch)) (&& (== netcoreapp3.1) (>= net461)) (&& (== netcoreapp3.1) (< netcoreapp3.0)) (== netstandard2.0) (== netstandard2.1)
      System.Security.AccessControl (>= 5.0)
    System.Security.Principal.Windows (5.0)
    System.Text.Encoding (4.3) - restriction: || (== netcoreapp3.1) (&& (== netstandard2.0) (>= netcoreapp3.1)) (&& (== netstandard2.1) (>= netcoreapp3.1))
      Microsoft.NETCore.Platforms (>= 1.1)
      Microsoft.NETCore.Targets (>= 1.1)
      System.Runtime (>= 4.3)
    System.Text.Encodings.Web (5.0.1)
      System.Buffers (>= 4.5.1) - restriction: || (&& (== netcoreapp3.1) (>= net461)) (&& (== netcoreapp3.1) (< netcoreapp2.0) (< netstandard2.1)) (== netstandard2.0) (&& (== netstandard2.1) (>= net461))
      System.Memory (>= 4.5.4) - restriction: || (&& (== netcoreapp3.1) (>= net461)) (&& (== netcoreapp3.1) (< netcoreapp2.0) (< netstandard2.1)) (&& (== netcoreapp3.1) (< netcoreapp2.1) (< netstandard2.1)) (&& (== netcoreapp3.1) (>= uap10.1)) (== netstandard2.0) (&& (== netstandard2.1) (>= net461)) (&& (== netstandard2.1) (>= uap10.1))
    System.Text.Json (5.0.2) - restriction: || (== netcoreapp3.1) (&& (== netstandard2.0) (>= netcoreapp3.1)) (&& (== netstandard2.1) (>= netcoreapp3.1))
      System.Runtime.CompilerServices.Unsafe (>= 5.0)
      System.Text.Encodings.Web (>= 5.0.1)
    System.Threading (4.3) - restriction: || (== netcoreapp3.1) (&& (== netstandard2.0) (>= netcoreapp3.1)) (&& (== netstandard2.1) (>= netcoreapp3.1))
      System.Runtime (>= 4.3)
      System.Threading.Tasks (>= 4.3)
    System.Threading.Tasks (4.3) - restriction: || (== netcoreapp3.1) (&& (== netstandard2.0) (>= netcoreapp3.1)) (&& (== netstandard2.1) (>= netcoreapp3.1))
      Microsoft.NETCore.Platforms (>= 1.1)
      Microsoft.NETCore.Targets (>= 1.1)
      System.Runtime (>= 4.3)
    System.Threading.Tasks.Dataflow (5.0) - restriction: || (== netcoreapp3.1) (&& (== netstandard2.0) (>= netcoreapp3.1)) (&& (== netstandard2.1) (>= netcoreapp3.1))
    System.Threading.Tasks.Extensions (4.5.4)
      System.Runtime.CompilerServices.Unsafe (>= 4.5.3) - restriction: || (&& (== netcoreapp3.1) (>= net461)) (&& (== netcoreapp3.1) (< netcoreapp2.1)) (&& (== netcoreapp3.1) (< netstandard1.0)) (&& (== netcoreapp3.1) (< netstandard2.0)) (&& (== netcoreapp3.1) (>= wp8)) (== netstandard2.0) (== netstandard2.1)
    System.ValueTuple (4.5)
    TaskBuilder.fs (2.1)
      FSharp.Core (>= 4.1.17)
      NETStandard.Library (>= 1.6.1)
      System.ValueTuple (>= 4.4)
    Utf8Json (1.3.7)
      System.Reflection.Emit (>= 4.3)
      System.Reflection.Emit.Lightweight (>= 4.3)
      System.Threading.Tasks.Extensions (>= 4.4)
      System.ValueTuple (>= 4.4)
